GEM
  remote: https://rubygems.org/
  specs:
    curb (0.8.5)
    json (1.8.1)
    mime-types (2.2)
    mustache (0.99.5)
    rest-client (1.6.7)
      mime-types (>= 1.16)

PLATFORMS
  ruby

DEPENDENCIES
  curb
  json
  mustache
  rest-client
