GEM
  remote: https://rubygems.org/
  specs:
    curb (0.8.5)
    json (1.8.1)

PLATFORMS
  ruby

DEPENDENCIES
  curb
  json
